GIT
  remote: git@github.com:cbonnet99/active_merchant.git
  revision: c9798ee56016ada374bb36a6834107c65c4435a7
  specs:
    activemerchant (1.12.1)
      activesupport (>= 2.3.8)
      braintree (>= 2.0.0)
      builder (>= 2.0.0)

GIT
  remote: git@github.com:cbonnet99/xero_gateway.git
  revision: 5139cbbc88c5559cbeeedf4bee0eee00379e5615
  specs:
    xero_gateway (1.0.3)
      builder (>= 2.1.2)

GEM
  remote: http://rubygems.org/
  specs:
    aaronh-chronic (0.3.9)
    actionmailer (3.2.17)
      actionpack (= 3.2.17)
      mail (~> 2.5.4)
    actionpack (3.2.17)
      activemodel (= 3.2.17)
      activesupport (= 3.2.17)
      builder (~> 3.0.0)
      erubis (~> 2.7.0)
      journey (~> 1.0.4)
      rack (~> 1.4.5)
      rack-cache (~> 1.2)
      rack-test (~> 0.6.1)
      sprockets (~> 2.2.1)
    activemodel (3.2.17)
      activesupport (= 3.2.17)
      builder (~> 3.0.0)
    activerecord (3.2.17)
      activemodel (= 3.2.17)
      activesupport (= 3.2.17)
      arel (~> 3.0.2)
      tzinfo (~> 0.3.29)
    activeresource (3.2.17)
      activemodel (= 3.2.17)
      activesupport (= 3.2.17)
    activesupport (3.2.17)
      i18n (~> 0.6, >= 0.6.4)
      multi_json (~> 1.0)
    archive-tar-minitar (0.5.2)
    arel (3.0.3)
    aws-s3 (0.6.2)
      builder
      mime-types
      xml-simple
    braintree (2.10.1)
      builder (>= 2.0.0)
    builder (3.0.0)
    color (1.4.0)
      archive-tar-minitar (~> 0.5.1)
      hoe (>= 1.3.0)
    columnize (0.3.4)
    concurrent-ruby (1.1.10)
    erubis (2.7.0)
    factory_girl (1.3.3)
    graticule (0.2.8)
      activesupport
    hike (1.2.3)
    hoe (2.10.0)
      rake (~> 0.8)
    i18n (0.9.5)
      concurrent-ruby (~> 1.0)
    journey (1.0.4)
    json (1.8.6)
    libxml-ruby (2.0.9)
    linecache (0.43)
    mail (2.5.5)
      mime-types (~> 1.16)
      treetop (~> 1.4.8)
    mime-types (1.16)
    multi_json (1.15.0)
    newrelic_rpm (3.1.0)
    pdf-writer (1.1.8)
      color (>= 1.4.0)
      transaction-simple (~> 1.3)
    pg (0.11.0)
    polyglot (0.3.5)
    rack (1.4.7)
    rack-cache (1.13.0)
      rack (>= 0.4)
    rack-ssl (1.3.4)
      rack
    rack-test (0.6.3)
      rack (>= 1.0)
    rails (3.2.17)
      actionmailer (= 3.2.17)
      actionpack (= 3.2.17)
      activerecord (= 3.2.17)
      activeresource (= 3.2.17)
      activesupport (= 3.2.17)
      bundler (~> 1.0)
      railties (= 3.2.17)
    railties (3.2.17)
      actionpack (= 3.2.17)
      activesupport (= 3.2.17)
      rack-ssl (~> 1.3.2)
      rake (>= 0.8.7)
      rdoc (~> 3.4)
      thor (>= 0.14.6, < 2.0)
    rake (0.8.7)
    rdoc (3.12.2)
      json (~> 1.4)
    recaptcha (0.3.4)
    ruby-debug (0.10.4)
      columnize (>= 0.1)
      ruby-debug-base (~> 0.10.4.0)
    ruby-debug-base (0.10.4)
      linecache (>= 0.3)
    sprockets (2.2.3)
      hike (~> 1.2)
      multi_json (~> 1.0)
      rack (~> 1.0)
      tilt (~> 1.1, != 1.3.0)
    thor (1.2.1)
    tilt (1.4.1)
    transaction-simple (1.4.0)
      hoe (>= 1.1.7)
    treetop (1.4.15)
      polyglot
      polyglot (>= 0.3.1)
    tzinfo (0.3.60)
    whenever (0.6.8)
      aaronh-chronic (>= 0.3.9)
      activesupport (>= 2.3.4)
    will_paginate (2.3.15)
    xml-simple (1.1.0)

PLATFORMS
  ruby

DEPENDENCIES
  activemerchant!
  aws-s3
  color (= 1.4.0)
  factory_girl
  graticule (= 0.2.8)
  libxml-ruby
  linecache (= 0.43)
  newrelic_rpm
  pdf-writer (= 1.1.8)
  pg
  rails (= 3.2.17)
  rake (= 0.8.7)
  recaptcha (= 0.3.4)
  ruby-debug
  transaction-simple
  whenever (= 0.6.8)
  will_paginate (~> 2.3.11)
  xero_gateway!
