GIT
  remote: git@github.com:cbonnet99/active_merchant.git
  revision: c9798ee56016ada374bb36a6834107c65c4435a7
  specs:
    activemerchant (1.12.1)
      activesupport (>= 2.3.8)
      braintree (>= 2.0.0)
      builder (>= 2.0.0)

GIT
  remote: git@github.com:cbonnet99/xero_gateway.git
  revision: 5139cbbc88c5559cbeeedf4bee0eee00379e5615
  specs:
    xero_gateway (1.0.3)
      builder (>= 2.1.2)

GEM
  remote: http://rubygems.org/
  specs:
    aaronh-chronic (0.3.9)
    actionmailer (2.3.8)
      actionpack (= 2.3.8)
    actionpack (2.3.8)
      activesupport (= 2.3.8)
      rack (~> 1.1.0)
    activerecord (2.3.8)
      activesupport (= 2.3.8)
    activeresource (2.3.8)
      activesupport (= 2.3.8)
    activesupport (2.3.8)
    archive-tar-minitar (0.5.2)
    aws-s3 (0.6.2)
      builder
      mime-types
      xml-simple
    braintree (2.10.1)
      builder (>= 2.0.0)
    builder (3.0.0)
    color (1.4.0)
      archive-tar-minitar (~> 0.5.1)
      hoe (>= 1.3.0)
    columnize (0.3.4)
    factory_girl (1.3.3)
    graticule (0.2.8)
      activesupport
    hoe (2.10.0)
      rake (~> 0.8)
    libxml-ruby (2.0.9)
    linecache (0.43)
    mime-types (1.16)
    newrelic_rpm (3.1.0)
    pdf-writer (1.1.8)
      color (>= 1.4.0)
      transaction-simple (~> 1.3)
    pg (0.11.0)
    rack (1.1.2)
    rails (2.3.8)
      actionmailer (= 2.3.8)
      actionpack (= 2.3.8)
      activerecord (= 2.3.8)
      activeresource (= 2.3.8)
      activesupport (= 2.3.8)
      rake (>= 0.8.3)
    rake (0.8.7)
    recaptcha (0.3.4)
    ruby-debug (0.10.4)
      columnize (>= 0.1)
      ruby-debug-base (~> 0.10.4.0)
    ruby-debug-base (0.10.4)
      linecache (>= 0.3)
    transaction-simple (1.4.0)
      hoe (>= 1.1.7)
    whenever (0.6.8)
      aaronh-chronic (>= 0.3.9)
      activesupport (>= 2.3.4)
    will_paginate (2.3.15)
    xml-simple (1.1.0)

PLATFORMS
  ruby

DEPENDENCIES
  activemerchant!
  aws-s3
  color (= 1.4.0)
  factory_girl
  graticule (= 0.2.8)
  libxml-ruby
  linecache (= 0.43)
  newrelic_rpm
  pdf-writer (= 1.1.8)
  pg
  rails (= 2.3.8)
  rake (= 0.8.7)
  recaptcha (= 0.3.4)
  ruby-debug
  transaction-simple
  whenever (= 0.6.8)
  will_paginate (~> 2.3.11)
  xero_gateway!
